GEM
  remote: https://rubygems.org/
  specs:
    faraday (0.11.0)
      multipart-post (>= 1.2, < 3)
    geolocater (0.1.0)
      faraday
      json
    json (2.0.3)
    multipart-post (2.0.0)
    rack (1.6.5)
    rack-protection (1.5.3)
      rack
    rainbow (2.2.1)
    sinatra (1.4.8)
      rack (~> 1.5)
      rack-protection (~> 1.4)
      tilt (>= 1.3, < 3)
    tilt (2.0.6)

PLATFORMS
  ruby

DEPENDENCIES
  geolocater
  rainbow
  sinatra

RUBY VERSION
   ruby 2.3.3p222

BUNDLED WITH
   1.14.3
